GIT
  remote: https://github.com/nehresma/ice_cube.git
  revision: d7ea51efcdb06b3d6f8ccc9f940893103a6f568f
  ref: d7ea51efcd
  specs:
    ice_cube (0.16.4)

GEM
  remote: https://rubygems.org/
  specs:
    activesupport (7.1.2)
      base64
      bigdecimal
      concurrent-ruby (~> 1.0, >= 1.0.2)
      connection_pool (>= 2.2.5)
      drb
      i18n (>= 1.6, < 2)
      minitest (>= 5.1)
      mutex_m
      tzinfo (~> 2.0)
    addressable (2.8.6)
      public_suffix (>= 2.0.2, < 6.0)
    amazing_print (1.5.0)
    appydays (0.8.0)
      dotenv (~> 2.7)
      semantic_logger (~> 4.6)
    ast (2.4.2)
    aws-eventstream (1.3.0)
    aws-partitions (1.876.0)
    aws-sdk-core (3.190.1)
      aws-eventstream (~> 1, >= 1.3.0)
      aws-partitions (~> 1, >= 1.651.0)
      aws-sigv4 (~> 1.8)
      jmespath (~> 1, >= 1.6.1)
    aws-sdk-pricing (1.53.0)
      aws-sdk-core (~> 3, >= 3.188.0)
      aws-sigv4 (~> 1.1)
    aws-sdk-sts (1.11.0)
      aws-sdk-core (~> 3, >= 3.110.0)
      aws-sigv4 (~> 1.1)
    aws-sigv4 (1.8.0)
      aws-eventstream (~> 1, >= 1.0.2)
    barnes (0.0.9)
      multi_json (~> 1)
      statsd-ruby (~> 1.1)
    base64 (0.2.0)
    bcrypt (3.1.20)
    bigdecimal (3.1.5)
    biz (1.8.2)
      clavius (~> 1.0)
      tzinfo
    builder (3.2.4)
    clavius (1.0.4)
    clipboard (1.3.6)
    coderay (1.1.3)
    concurrent-ruby (1.2.2)
    connection_pool (2.4.1)
    crack (0.4.5)
      rexml
    css_parser (1.16.0)
      addressable
    date (3.3.4)
    diff-lcs (1.5.0)
    dotenv (2.8.1)
    down (5.4.1)
      addressable (~> 2.8)
    drb (2.2.0)
      ruby2_keywords
    dry-core (1.0.1)
      concurrent-ruby (~> 1.0)
      zeitwerk (~> 2.6)
    dry-inflector (1.0.0)
    dry-logic (1.5.0)
      concurrent-ruby (~> 1.0)
      dry-core (~> 1.0, < 2)
      zeitwerk (~> 2.6)
    dry-types (1.7.1)
      concurrent-ruby (~> 1.0)
      dry-core (~> 1.0)
      dry-inflector (~> 1.0)
      dry-logic (~> 1.4)
      zeitwerk (~> 2.6)
    erubis (2.7.0)
    et-orbi (1.2.7)
      tzinfo
    excon (0.108.0)
    faker (3.2.2)
      i18n (>= 1.8.11, < 2)
    fluent_fixtures (0.11.0)
      faker (~> 3.2)
      inflecto (~> 0.0)
      loggability (~> 0.17)
    foreman (0.87.2)
    fugit (1.9.0)
      et-orbi (~> 1, >= 1.2.7)
      raabro (~> 1.4)
    globalid (1.2.1)
      activesupport (>= 6.1)
    grape (2.0.0)
      activesupport (>= 5)
      builder
      dry-types (>= 1.1)
      mustermann-grape (~> 1.0.0)
      rack (>= 1.3.0)
      rack-accept
    grape-entity (1.0.0)
      activesupport (>= 3.0.0)
      multi_json (>= 1.3.2)
    grape-swagger (2.0.0)
      grape (>= 1.7, < 3.0)
      rack-test (~> 2)
    grape_logging (1.8.4)
      grape
      rack
    hashdiff (1.1.0)
    heroics (0.1.2)
      erubis (~> 2.0)
      excon
      moneta
      multi_json (>= 1.9.2)
      webrick
    htmlentities (4.3.4)
    httparty (0.21.0)
      mini_mime (>= 1.0.0)
      multi_xml (>= 0.5.2)
    i18n (1.14.1)
      concurrent-ruby (~> 1.0)
    inflecto (0.0.2)
    jmespath (1.6.2)
    json (2.7.1)
    language_server-protocol (3.17.0.3)
    liquid (5.4.0)
    loggability (0.18.2)
    mail (2.8.1)
      mini_mime (>= 0.1.1)
      net-imap
      net-pop
      net-smtp
    method_source (1.0.0)
    mimemagic (0.4.3)
      nokogiri (~> 1)
      rake
    mini_mime (1.1.5)
    mini_portile2 (2.8.5)
    minitest (5.20.0)
    moneta (1.0.0)
    monetize (1.12.0)
      money (~> 6.12)
    money (6.16.0)
      i18n (>= 0.6.4, <= 2)
    multi_json (1.15.0)
    multi_xml (0.6.0)
    mustermann (3.0.0)
      ruby2_keywords (~> 0.0.1)
    mustermann-grape (1.0.2)
      mustermann (>= 1.0.0)
    mutex_m (0.2.0)
    name_of_person (1.1.2)
      activesupport (>= 5.2.0)
    net-imap (0.4.9)
      date
      net-protocol
    net-pop (0.1.2)
      net-protocol
    net-protocol (0.2.2)
      timeout
    net-smtp (0.4.0)
      net-protocol
    nio4r (2.7.0)
    nokogiri (1.16.0)
      mini_portile2 (~> 2.8.2)
      racc (~> 1.4)
    nokogiri (1.16.0-x86_64-darwin)
      racc (~> 1.4)
    nokogiri (1.16.0-x86_64-linux)
      racc (~> 1.4)
    oj (3.16.3)
      bigdecimal (>= 3.0)
    parallel (1.24.0)
    parser (3.2.2.4)
      ast (~> 2.4.1)
      racc
    pg (1.5.4)
    phony (2.20.11)
    platform-api (3.5.0)
      heroics (~> 0.1.1)
      moneta (~> 1.0.0)
      rate_throttle_client (~> 0.1.0)
    premailer (1.21.0)
      addressable
      css_parser (>= 1.12.0)
      htmlentities (>= 4.0.0)
    pry (0.14.2)
      coderay (~> 1.1)
      method_source (~> 1.0)
    public_suffix (5.0.4)
    puma (6.4.0)
      nio4r (~> 2.0)
    raabro (1.4.0)
    racc (1.7.3)
    rack (2.2.8)
    rack-accept (0.4.5)
      rack (>= 0.4)
    rack-cors (2.0.1)
      rack (>= 2.0.0)
    rack-protection (3.2.0)
      base64 (>= 0.1.0)
      rack (~> 2.2, >= 2.2.4)
    rack-ssl-enforcer (0.2.9)
    rack-test (2.1.0)
      rack (>= 1.3)
    rainbow (3.1.1)
    rake (13.1.0)
    rate_throttle_client (0.1.2)
    redis (4.8.1)
    redis-client (0.19.1)
      connection_pool
    regexp_parser (2.8.3)
    rexml (3.2.6)
    rspec (3.12.0)
      rspec-core (~> 3.12.0)
      rspec-expectations (~> 3.12.0)
      rspec-mocks (~> 3.12.0)
    rspec-core (3.12.2)
      rspec-support (~> 3.12.0)
    rspec-eventually (0.2.2)
    rspec-expectations (3.12.3)
      diff-lcs (>= 1.2.0, < 2.0)
      rspec-support (~> 3.12.0)
    rspec-json_expectations (2.2.0)
    rspec-mocks (3.12.6)
      diff-lcs (>= 1.2.0, < 2.0)
      rspec-support (~> 3.12.0)
    rspec-support (3.12.1)
    rubocop (1.59.0)
      json (~> 2.3)
      language_server-protocol (>= 3.17.0)
      parallel (~> 1.10)
      parser (>= 3.2.2.4)
      rainbow (>= 2.2.2, < 4.0)
      regexp_parser (>= 1.8, < 3.0)
      rexml (>= 3.2.5, < 4.0)
      rubocop-ast (>= 1.30.0, < 2.0)
      ruby-progressbar (~> 1.7)
      unicode-display_width (>= 2.4.0, < 3.0)
    rubocop-ast (1.30.0)
      parser (>= 3.2.1.0)
    rubocop-capybara (2.19.0)
      rubocop (~> 1.41)
    rubocop-factory_bot (2.24.0)
      rubocop (~> 1.33)
    rubocop-performance (1.20.1)
      rubocop (>= 1.48.1, < 2.0)
      rubocop-ast (>= 1.30.0, < 2.0)
    rubocop-rake (0.6.0)
      rubocop (~> 1.0)
    rubocop-rspec (2.25.0)
      rubocop (~> 1.40)
      rubocop-capybara (~> 2.17)
      rubocop-factory_bot (~> 2.22)
    rubocop-sequel (0.3.4)
      rubocop (~> 1.0)
    ruby-progressbar (1.13.0)
    ruby2_keywords (0.0.5)
    rubyzip (2.3.2)
    selenium-webdriver (4.16.0)
      rexml (~> 3.2, >= 3.2.5)
      rubyzip (>= 1.2.2, < 3.0)
      websocket (~> 1.0)
    semantic_logger (4.15.0)
      concurrent-ruby (~> 1.0)
    sentry-ruby (5.15.2)
      concurrent-ruby (~> 1.0, >= 1.0.2)
    sentry-sidekiq (5.15.2)
      sentry-ruby (~> 5.15.2)
      sidekiq (>= 3.0)
    sequel (5.75.0)
      bigdecimal
    sequel-annotate (1.7.0)
      sequel (>= 4)
    sequel-money-fields (0.1.0)
      monetize
      money
      sequel
    sequel-soft-deletes (0.1.3)
    sequel-tstzrange-fields (0.2.1)
      pg
      sequel
    sequel_pg (1.17.1)
      pg (>= 0.18.0, != 1.2.0)
      sequel (>= 4.38.0)
    sequel_postgresql_triggers (1.5.0)
      sequel
    sidekiq (6.5.12)
      connection_pool (>= 2.2.5, < 3)
      rack (~> 2.0)
      redis (>= 4.5.0, < 5)
    sidekiq-amigo (1.6.1)
      sidekiq (~> 6)
      sidekiq-cron (~> 1)
    sidekiq-cron (1.12.0)
      fugit (~> 1.8)
      globalid (>= 1.0.1)
      sidekiq (>= 6)
    slack-notifier (2.4.0)
    statsd-ruby (1.5.0)
    stripe (10.4.0)
    timecop (0.9.8)
    timeout (0.4.1)
    tzinfo (2.0.6)
      concurrent-ruby (~> 1.0)
    unicode-display_width (2.5.0)
    warden (1.2.9)
      rack (>= 2.0.9)
    watir (7.3.0)
      regexp_parser (>= 1.2, < 3)
      selenium-webdriver (~> 4.2)
    webmock (3.19.1)
      addressable (>= 2.8.0)
      crack (>= 0.3.2)
      hashdiff (>= 0.4.0, < 2.0.0)
    webrick (1.8.1)
    websocket (1.2.10)
    zeitwerk (2.6.12)

PLATFORMS
  ruby
  x86_64-darwin-19
  x86_64-linux

DEPENDENCIES
  activesupport
  amazing_print
  appydays (>= 0.8)
  aws-sdk-pricing
  aws-sdk-sts
  barnes
  bcrypt
  biz
  clipboard
  concurrent-ruby
  dotenv
  down
  faker
  fluent_fixtures
  foreman
  grape
  grape-entity
  grape-swagger
  grape_logging
  httparty
  ice_cube!
  liquid
  mail
  mimemagic
  monetize
  money
  name_of_person
  nokogiri (>= 1.12)
  oj
  pg
  phony
  platform-api
  premailer
  pry
  puma
  rack-cors
  rack-protection
  rack-ssl-enforcer
  rack-test
  rake
  redis
  redis-client
  rspec (>= 3.12.0)
  rspec-eventually
  rspec-json_expectations
  rubocop
  rubocop-performance
  rubocop-rake
  rubocop-rspec
  rubocop-sequel
  semantic_logger
  sentry-ruby
  sentry-sidekiq
  sequel
  sequel-annotate
  sequel-money-fields
  sequel-soft-deletes
  sequel-tstzrange-fields (>= 0.2.1)
  sequel_pg
  sequel_postgresql_triggers
  sidekiq (~> 6)
  sidekiq-amigo (>= 1.6.0)
  sidekiq-cron
  slack-notifier
  stripe
  timecop
  warden
  watir
  webmock

RUBY VERSION
   ruby 3.2.1p31

BUNDLED WITH
   2.3.10
