GIT
  remote: https://github.com/nehresma/ice_cube.git
  revision: d7ea51efcdb06b3d6f8ccc9f940893103a6f568f
  ref: d7ea51efcd
  specs:
    ice_cube (0.16.4)

PATH
  remote: .
  specs:
    webhookdb (1.4.0)
      activesupport (~> 7.2)
      appydays (>= 0.12.2)
      aws-sdk-pricing (~> 1.70)
      aws-sdk-sts (~> 1.11)
      barnes (~> 0.0)
      bcrypt (~> 3.1)
      biz (~> 1.8)
      browser (~> 6.2)
      clipboard (~> 1.4)
      concurrent-ruby (~> 1.3)
      down (~> 5.4)
      foreman (~> 0.87)
      grape (~> 2.0.0)
      grape-entity (~> 1.0.0)
      grape-swagger (~> 2.0.0)
      grape_logging (~> 1.8.4)
      httparty (~> 0.22)
      httpx (~> 1.4)
      ice_cube
      jwt (~> 2.10)
      liquid (~> 5.6)
      mail (~> 2.8)
      mimemagic (~> 0.4)
      monetize (~> 1.13)
      money (~> 6.19)
      nokogiri (~> 1.18)
      oj (~> 3.16)
      pg (~> 1.5)
      phony (~> 2.21)
      platform-api (~> 3.7)
      premailer (~> 1.27)
      pry (~> 0.15)
      puma (~> 6.5)
      rack-cors (~> 2.0)
      rack-protection (~> 3.2)
      rack-spa (~> 0.11)
      rack-ssl-enforcer (~> 0.2)
      rake (~> 13.1)
      redis (~> 4.8)
      redis-client (~> 0.23)
      semantic_logger (~> 4.16)
      sentry-ruby (~> 5.22)
      sentry-sidekiq (~> 5.22)
      sequel (~> 5.88)
      sequel-annotate (~> 1.7)
      sequel-money-fields (~> 0.1)
      sequel-soft-deletes (~> 0.1)
      sequel-tstzrange-fields (~> 0.2)
      sequel_pg (~> 1.17)
      sequel_postgresql_triggers (~> 1.6)
      sidekiq (~> 6)
      sidekiq-amigo (~> 1.8)
      sidekiq-cron (~> 1.12)
      slack-notifier (~> 2.4)
      stripe (~> 10.15)
      uuidx (~> 0.10)
      warden (~> 1.2)

GEM
  remote: https://rubygems.org/
  specs:
    activesupport (7.2.2.1)
      base64
      benchmark (>= 0.3)
      bigdecimal
      concurrent-ruby (~> 1.0, >= 1.3.1)
      connection_pool (>= 2.2.5)
      drb
      i18n (>= 1.6, < 2)
      logger (>= 1.4.2)
      minitest (>= 5.1)
      securerandom (>= 0.3)
      tzinfo (~> 2.0, >= 2.0.5)
    addressable (2.8.7)
      public_suffix (>= 2.0.2, < 7.0)
    appydays (0.12.2)
      dotenv (~> 2.7)
      semantic_logger (~> 4.6)
    ast (2.4.2)
    aws-eventstream (1.3.0)
    aws-partitions (1.1032.0)
    aws-sdk-core (3.214.1)
      aws-eventstream (~> 1, >= 1.3.0)
      aws-partitions (~> 1, >= 1.992.0)
      aws-sigv4 (~> 1.9)
      jmespath (~> 1, >= 1.6.1)
    aws-sdk-pricing (1.70.0)
      aws-sdk-core (~> 3, >= 3.210.0)
      aws-sigv4 (~> 1.5)
    aws-sdk-sts (1.11.0)
      aws-sdk-core (~> 3, >= 3.110.0)
      aws-sigv4 (~> 1.1)
    aws-sigv4 (1.10.1)
      aws-eventstream (~> 1, >= 1.0.2)
    barnes (0.0.9)
      multi_json (~> 1)
      statsd-ruby (~> 1.1)
    base64 (0.2.0)
    bcrypt (3.1.20)
    benchmark (0.4.0)
    bigdecimal (3.1.9)
    biz (1.8.2)
      clavius (~> 1.0)
      tzinfo
    browser (6.2.0)
    builder (3.3.0)
    clavius (1.0.4)
    clipboard (1.4.1)
    coderay (1.1.3)
    concurrent-ruby (1.3.4)
    connection_pool (2.4.1)
    crack (1.0.0)
      bigdecimal
      rexml
    css_parser (1.21.0)
      addressable
    csv (3.3.2)
    date (3.4.1)
    diff-lcs (1.5.1)
    docile (1.4.1)
    dotenv (2.8.1)
    down (5.4.2)
      addressable (~> 2.8)
    drb (2.2.1)
    dry-core (1.1.0)
      concurrent-ruby (~> 1.0)
      logger
      zeitwerk (~> 2.6)
    dry-inflector (1.2.0)
    dry-logic (1.6.0)
      bigdecimal
      concurrent-ruby (~> 1.0)
      dry-core (~> 1.1)
      zeitwerk (~> 2.6)
    dry-types (1.8.0)
      bigdecimal (~> 3.0)
      concurrent-ruby (~> 1.0)
      dry-core (~> 1.0)
      dry-inflector (~> 1.0)
      dry-logic (~> 1.4)
      zeitwerk (~> 2.6)
    erubis (2.7.0)
    et-orbi (1.2.11)
      tzinfo
    excon (1.2.3)
    faker (3.5.1)
      i18n (>= 1.8.11, < 2)
    fluent_fixtures (0.11.0)
      faker (~> 3.2)
      inflecto (~> 0.0)
      loggability (~> 0.17)
    foreman (0.88.1)
    fugit (1.11.1)
      et-orbi (~> 1, >= 1.2.11)
      raabro (~> 1.4)
    globalid (1.2.1)
      activesupport (>= 6.1)
    grape (2.0.0)
      activesupport (>= 5)
      builder
      dry-types (>= 1.1)
      mustermann-grape (~> 1.0.0)
      rack (>= 1.3.0)
      rack-accept
    grape-entity (1.0.1)
      activesupport (>= 3.0.0)
      multi_json (>= 1.3.2)
    grape-swagger (2.0.3)
      grape (>= 1.7, < 3.0)
      rack-test (~> 2)
    grape_logging (1.8.4)
      grape
      rack
    hashdiff (1.1.2)
    heroics (0.1.3)
      base64
      erubis (~> 2.0)
      excon
      moneta
      multi_json (>= 1.9.2)
      webrick
    htmlentities (4.3.4)
    http-2 (1.0.2)
    httparty (0.22.0)
      csv
      mini_mime (>= 1.0.0)
      multi_xml (>= 0.5.2)
    httpx (1.4.0)
      http-2 (>= 1.0.0)
    i18n (1.14.6)
      concurrent-ruby (~> 1.0)
    inflecto (0.0.2)
    jmespath (1.6.2)
    json (2.9.1)
    jwt (2.10.1)
      base64
    language_server-protocol (3.17.0.3)
    liquid (5.6.0)
      bigdecimal
      strscan
    loggability (0.18.2)
    logger (1.6.4)
    mail (2.8.1)
      mini_mime (>= 0.1.1)
      net-imap
      net-pop
      net-smtp
    method_source (1.1.0)
    mimemagic (0.4.3)
      nokogiri (~> 1)
      rake
    mini_mime (1.1.5)
    mini_portile2 (2.8.8)
    minitest (5.25.4)
    moneta (1.0.0)
    monetize (1.13.0)
      money (~> 6.12)
    money (6.19.0)
      i18n (>= 0.6.4, <= 2)
    multi_json (1.15.0)
    multi_xml (0.7.1)
      bigdecimal (~> 3.1)
    mustermann (3.0.3)
      ruby2_keywords (~> 0.0.1)
    mustermann-grape (1.0.2)
      mustermann (>= 1.0.0)
    net-imap (0.5.5)
      date
      net-protocol
    net-pop (0.1.2)
      net-protocol
    net-protocol (0.2.2)
      timeout
    net-smtp (0.5.0)
      net-protocol
    nio4r (2.7.4)
    nokogiri (1.18.1)
      mini_portile2 (~> 2.8.2)
      racc (~> 1.4)
    nokogiri (1.18.1-x86_64-darwin)
      racc (~> 1.4)
    nokogiri (1.18.1-x86_64-linux-gnu)
      racc (~> 1.4)
    oj (3.16.9)
      bigdecimal (>= 3.0)
      ostruct (>= 0.2)
    ostruct (0.6.1)
    parallel (1.26.3)
    parser (3.3.6.0)
      ast (~> 2.4.1)
      racc
    pg (1.5.9)
    phony (2.21.1)
    platform-api (3.7.0)
      heroics (~> 0.1.1)
      moneta (~> 1.0.0)
      rate_throttle_client (~> 0.1.0)
    premailer (1.27.0)
      addressable
      css_parser (>= 1.19.0)
      htmlentities (>= 4.0.0)
    pry (0.15.2)
      coderay (~> 1.1)
      method_source (~> 1.0)
    public_suffix (6.0.1)
    puma (6.5.0)
      nio4r (~> 2.0)
    raabro (1.4.0)
    racc (1.8.1)
    rack (2.2.10)
    rack-accept (0.4.5)
      rack (>= 0.4)
    rack-cors (2.0.2)
      rack (>= 2.0.0)
    rack-protection (3.2.0)
      base64 (>= 0.1.0)
      rack (~> 2.2, >= 2.2.4)
    rack-spa (0.11.0)
      nokogiri (~> 1.10)
      rack (>= 2.0, < 4.0)
    rack-ssl-enforcer (0.2.9)
    rack-test (2.2.0)
      rack (>= 1.3)
    rainbow (3.1.1)
    rake (13.2.1)
    rate_throttle_client (0.1.2)
    redis (4.8.1)
    redis-client (0.23.0)
      connection_pool
    regexp_parser (2.10.0)
    rexml (3.4.0)
    rspec (3.13.0)
      rspec-core (~> 3.13.0)
      rspec-expectations (~> 3.13.0)
      rspec-mocks (~> 3.13.0)
    rspec-core (3.13.2)
      rspec-support (~> 3.13.0)
    rspec-eventually (0.2.2)
    rspec-expectations (3.13.3)
      diff-lcs (>= 1.2.0, < 2.0)
      rspec-support (~> 3.13.0)
    rspec-json_expectations (2.2.0)
    rspec-mocks (3.13.2)
      diff-lcs (>= 1.2.0, < 2.0)
      rspec-support (~> 3.13.0)
    rspec-support (3.13.2)
    rubocop (1.69.2)
      json (~> 2.3)
      language_server-protocol (>= 3.17.0)
      parallel (~> 1.10)
      parser (>= 3.3.0.2)
      rainbow (>= 2.2.2, < 4.0)
      regexp_parser (>= 2.9.3, < 3.0)
      rubocop-ast (>= 1.36.2, < 2.0)
      ruby-progressbar (~> 1.7)
      unicode-display_width (>= 2.4.0, < 4.0)
    rubocop-ast (1.37.0)
      parser (>= 3.3.1.0)
    rubocop-capybara (2.21.0)
      rubocop (~> 1.41)
    rubocop-factory_bot (2.26.1)
      rubocop (~> 1.61)
    rubocop-performance (1.23.1)
      rubocop (>= 1.48.1, < 2.0)
      rubocop-ast (>= 1.31.1, < 2.0)
    rubocop-rake (0.6.0)
      rubocop (~> 1.0)
    rubocop-rspec (2.31.0)
      rubocop (~> 1.40)
      rubocop-capybara (~> 2.17)
      rubocop-factory_bot (~> 2.22)
      rubocop-rspec_rails (~> 2.28)
    rubocop-rspec_rails (2.29.1)
      rubocop (~> 1.61)
    rubocop-sequel (0.3.8)
      rubocop (~> 1.0)
    ruby-progressbar (1.13.0)
    ruby2_keywords (0.0.5)
    securerandom (0.4.1)
    semantic_logger (4.16.1)
      concurrent-ruby (~> 1.0)
    sentry-ruby (5.22.1)
      bigdecimal
      concurrent-ruby (~> 1.0, >= 1.0.2)
    sentry-sidekiq (5.22.1)
      sentry-ruby (~> 5.22.1)
      sidekiq (>= 3.0)
    sequel (5.88.0)
      bigdecimal
    sequel-annotate (1.7.0)
      sequel (>= 4)
    sequel-money-fields (0.1.0)
      monetize
      money
      sequel
    sequel-soft-deletes (0.1.3)
    sequel-tstzrange-fields (0.2.1)
      pg
      sequel
    sequel_pg (1.17.1)
      pg (>= 0.18.0, != 1.2.0)
      sequel (>= 4.38.0)
    sequel_postgresql_triggers (1.6.0)
      sequel
    sidekiq (6.5.12)
      connection_pool (>= 2.2.5, < 3)
      rack (~> 2.0)
      redis (>= 4.5.0, < 5)
    sidekiq-amigo (1.8.0)
      sidekiq (~> 6)
      sidekiq-cron (~> 1)
    sidekiq-cron (1.12.0)
      fugit (~> 1.8)
      globalid (>= 1.0.1)
      sidekiq (>= 6)
    simplecov (0.22.0)
      docile (~> 1.1)
      simplecov-html (~> 0.11)
      simplecov_json_formatter (~> 0.1)
    simplecov-cobertura (2.1.0)
      rexml
      simplecov (~> 0.19)
    simplecov-html (0.13.1)
    simplecov_json_formatter (0.1.4)
    slack-notifier (2.4.0)
    statsd-ruby (1.5.0)
    stripe (10.15.0)
    strscan (3.1.2)
    timecop (0.9.10)
    timeout (0.4.3)
    tzinfo (2.0.6)
      concurrent-ruby (~> 1.0)
    unicode-display_width (3.1.3)
      unicode-emoji (~> 4.0, >= 4.0.4)
    unicode-emoji (4.0.4)
    uuidx (0.10.0)
    warden (1.2.9)
      rack (>= 2.0.9)
    webmock (3.24.0)
      addressable (>= 2.8.0)
      crack (>= 0.3.2)
      hashdiff (>= 0.4.0, < 2.0.0)
    webrick (1.9.1)
    zeitwerk (2.7.1)

PLATFORMS
  ruby
  x86_64-darwin-19
  x86_64-linux

DEPENDENCIES
  faker (~> 3.2)
  fluent_fixtures (~> 0.11)
  ice_cube!
  rack-test (~> 2.1)
  rspec (~> 3.12)
  rspec-eventually (~> 0.2)
  rspec-json_expectations (~> 2.2)
  rubocop (~> 1.59)
  rubocop-performance (~> 1.20)
  rubocop-rake (~> 0.6)
  rubocop-rspec (~> 2.25)
  rubocop-sequel (~> 0.3)
  simplecov (~> 0.22)
  simplecov-cobertura (~> 2.1)
  timecop (~> 0.9)
  webhookdb!
  webmock (~> 3.19)

RUBY VERSION
   ruby 3.2.1p31

BUNDLED WITH
   2.3.10
